GIT
  remote: https://github.com/cf-buildpacks-eng/mini_portile
  revision: fddb4245149a746794dfc183653c5e664814d1c1
  specs:
    mini_portile (0.7.0.rc4)

GEM
  remote: https://rubygems.org/
  specs:
    coderay (1.1.3)
    method_source (1.0.0)
    mini_portile2 (2.6.1)
    nokogiri (1.12.5)
      mini_portile2 (~> 2.6.1)
      racc (~> 1.4)
    open-uri (0.1.0)
    pry (0.14.1)
      coderay (~> 1.1)
      method_source (~> 1.0)
    racc (1.5.2)

PLATFORMS
  ruby

DEPENDENCIES
  mini_portile!
  nokogiri
  open-uri
  pry

RUBY VERSION
   ruby 2.6.3p62

BUNDLED WITH
   2.1.4
