GEM
  remote: http://rubygems.org/
  specs:
    CFPropertyList (2.3.3)
    addressable (2.4.0)
    agent_client (1.3262.4.0)
      httpclient (= 2.7.1)
      yajl-ruby (~> 1.2.0)
    ast (2.3.0)
    aws-sdk (1.60.2)
      aws-sdk-v1 (= 1.60.2)
    aws-sdk-core (2.2.0)
      jmespath (~> 1.0)
    aws-sdk-resources (2.2.0)
      aws-sdk-core (= 2.2.0)
    aws-sdk-v1 (1.60.2)
      json (~> 1.4)
      nokogiri (>= 1.4.4)
    axiom-types (0.1.1)
      descendants_tracker (~> 0.0.4)
      ice_nine (~> 0.11.0)
      thread_safe (~> 0.3, >= 0.3.1)
    blobstore_client (1.3262.4.0)
      aws-sdk-resources (= 2.2.0)
      bosh_common (~> 1.3262.4.0)
      httpclient (= 2.7.1)
      multi_json (~> 1.1)
    bosh-core (1.3262.4.0)
      gibberish (~> 1.4.0)
      yajl-ruby (~> 1.2.0)
    bosh-director-core (1.3262.4.0)
      bosh-template (~> 1.3262.4.0)
      bosh_common (~> 1.3262.4.0)
    bosh-registry (1.3262.4.0)
      aws-sdk
      bosh_cpi (~> 1.3262.4.0)
      fog
      sequel (~> 4.32.0)
      sinatra (~> 1.4.2)
      thin (~> 1.5.0)
      yajl-ruby (~> 1.2.0)
    bosh-stemcell (1.3262.4.0)
      bosh-core (~> 1.3262.4.0)
      bosh_aws_cpi (= 2.1.1)
    bosh-template (1.3262.4.0)
      semi_semantic (~> 1.2.0)
    bosh_aws_cpi (2.1.1)
      aws-sdk (= 1.60.2)
      bosh-registry
      bosh_common
      bosh_cpi
      httpclient (= 2.7.1)
      yajl-ruby (>= 0.8.2)
    bosh_cli (1.3262.4.0)
      blobstore_client (~> 1.3262.4.0)
      bosh-template (~> 1.3262.4.0)
      bosh_common (~> 1.3262.4.0)
      cf-uaa-lib (~> 3.2.1)
      highline (~> 1.6.2)
      httpclient (= 2.7.1)
      json_pure (~> 1.7)
      minitar (~> 0.5.4)
      net-scp (~> 1.1.0)
      net-ssh (= 2.9.2)
      net-ssh-gateway (~> 1.2.0)
      netaddr (~> 1.5.0)
      progressbar (~> 0.9.0)
      sshkey (~> 1.7.0)
      terminal-table (~> 1.4.3)
    bosh_cli_plugin_micro (1.3262.4.0)
      agent_client (~> 1.3262.4.0)
      blobstore_client (~> 1.3262.4.0)
      bosh-core (~> 1.3262.4.0)
      bosh-director-core (~> 1.3262.4.0)
      bosh-registry (~> 1.3262.4.0)
      bosh-stemcell (~> 1.3262.4.0)
      bosh_aws_cpi (= 2.1.1)
      bosh_cli (~> 1.3262.4.0)
      bosh_common (~> 1.3262.4.0)
      bosh_cpi (~> 1.3262.4.0)
      bosh_openstack_cpi (= 2.1.1)
      bosh_vcloud_cpi (= 0.12.1)
      bosh_vsphere_cpi (= 2.1.1)
      fog-google (= 0.1.0)
      mono_logger (~> 1.1.0)
      sqlite3 (~> 1.3.7)
    bosh_common (1.3262.4.0)
      logging (~> 1.8.2)
      semi_semantic (~> 1.2.0)
    bosh_cpi (1.3262.4.0)
      bosh_common (~> 1.3262.4.0)
      logging (~> 1.8.2)
      membrane (~> 1.1.0)
    bosh_openstack_cpi (2.1.1)
      bosh-registry
      bosh_common
      bosh_cpi
      fog (~> 1.34.0)
      httpclient (= 2.7.1)
      membrane (~> 1.1.0)
      yajl-ruby (>= 0.8.2)
    bosh_vcloud_cpi (0.12.1)
      bosh_common
      bosh_cpi
      builder (~> 3.1.4)
      httpclient (= 2.7.1)
      membrane
      nokogiri (~> 1.6.6)
      rest-client (~> 1.6.7)
      yajl-ruby (>= 0.8.2)
    bosh_vsphere_cpi (2.1.1)
      bosh_common
      bosh_cpi
      builder (~> 3.1.4)
      httpclient (= 2.7.1)
      membrane (~> 1.1.0)
      mono_logger (~> 1.1.0)
      nokogiri (~> 1.6.6)
    builder (3.1.4)
    bump (0.5.3)
    cf-uaa-lib (3.2.5)
      multi_json
    coercible (1.0.0)
      descendants_tracker (~> 0.0.1)
    crack (0.4.3)
      safe_yaml (~> 1.0.0)
    daemons (1.2.4)
    declarative (0.0.8)
      uber (>= 0.0.15)
    descendants_tracker (0.0.4)
      thread_safe (~> 0.3, >= 0.3.1)
    diff-lcs (1.2.5)
    equalizer (0.0.11)
    eventmachine (1.2.0.1)
    excon (0.54.0)
    faraday (0.9.2)
      multipart-post (>= 1.2, < 3)
    faraday_middleware (0.10.0)
      faraday (>= 0.7.4, < 0.10)
    fission (0.5.0)
      CFPropertyList (~> 2.2)
    fog (1.34.0)
      fog-atmos
      fog-aws (>= 0.6.0)
      fog-brightbox (~> 0.4)
      fog-core (~> 1.32)
      fog-dynect (~> 0.0.2)
      fog-ecloud (~> 0.1)
      fog-google (>= 0.0.2)
      fog-json
      fog-local
      fog-powerdns (>= 0.1.1)
      fog-profitbricks
      fog-radosgw (>= 0.0.2)
      fog-riakcs
      fog-sakuracloud (>= 0.0.4)
      fog-serverlove
      fog-softlayer
      fog-storm_on_demand
      fog-terremark
      fog-vmfusion
      fog-voxel
      fog-xml (~> 0.1.1)
      ipaddress (~> 0.5)
      nokogiri (~> 1.5, >= 1.5.11)
    fog-atmos (0.1.0)
      fog-core
      fog-xml
    fog-aws (0.12.0)
      fog-core (~> 1.38)
      fog-json (~> 1.0)
      fog-xml (~> 0.1)
      ipaddress (~> 0.8)
    fog-brightbox (0.11.0)
      fog-core (~> 1.22)
      fog-json
      inflecto (~> 0.0.2)
    fog-core (1.43.0)
      builder
      excon (~> 0.49)
      formatador (~> 0.2)
    fog-dynect (0.0.3)
      fog-core
      fog-json
      fog-xml
    fog-ecloud (0.3.0)
      fog-core
      fog-xml
    fog-google (0.1.0)
      fog-core
      fog-json
      fog-xml
    fog-json (1.0.2)
      fog-core (~> 1.0)
      multi_json (~> 1.10)
    fog-local (0.3.1)
      fog-core (~> 1.27)
    fog-powerdns (0.1.1)
      fog-core (~> 1.27)
      fog-json (~> 1.0)
      fog-xml (~> 0.1)
    fog-profitbricks (2.0.1)
      fog-core (~> 1.42)
      fog-json (~> 1.0)
    fog-radosgw (0.0.5)
      fog-core (>= 1.21.0)
      fog-json
      fog-xml (>= 0.0.1)
    fog-riakcs (0.1.0)
      fog-core
      fog-json
      fog-xml
    fog-sakuracloud (1.7.5)
      fog-core
      fog-json
    fog-serverlove (0.1.2)
      fog-core
      fog-json
    fog-softlayer (1.1.4)
      fog-core
      fog-json
    fog-storm_on_demand (0.1.1)
      fog-core
      fog-json
    fog-terremark (0.1.0)
      fog-core
      fog-xml
    fog-vmfusion (0.1.0)
      fission
      fog-core
    fog-voxel (0.1.0)
      fog-core
      fog-xml
    fog-xml (0.1.2)
      fog-core
      nokogiri (~> 1.5, >= 1.5.11)
    formatador (0.2.5)
    gibberish (1.4.0)
    git (1.3.0)
    hashdiff (0.3.0)
    highline (1.6.21)
    httpclient (2.7.1)
    ice_nine (0.11.2)
    inflecto (0.0.2)
    ipaddress (0.8.3)
    jmespath (1.3.1)
    json (1.8.3)
    json_pure (1.8.3)
    little-plugger (1.1.4)
    logging (1.8.2)
      little-plugger (>= 1.1.3)
      multi_json (>= 1.8.4)
    membrane (1.1.0)
    mime-types (1.25.1)
    mini_portile2 (2.1.0)
    minitar (0.5.4)
    mono_logger (1.1.0)
    multi_json (1.12.1)
    multipart-post (2.0.0)
    net-scp (1.1.2)
      net-ssh (>= 2.6.5)
    net-ssh (2.9.2)
    net-ssh-gateway (1.2.0)
      net-ssh (>= 2.6.5)
    netaddr (1.5.1)
    nokogiri (1.6.8.1)
      mini_portile2 (~> 2.1.0)
    octokit (4.4.1)
      sawyer (~> 0.7.0, >= 0.5.3)
    parser (2.3.1.4)
      ast (~> 2.2)
    powerpack (0.1.1)
    progressbar (0.9.2)
    rack (1.6.4)
    rack-protection (1.5.3)
      rack
    rainbow (2.1.0)
    rake (11.3.0)
    representable (3.0.0)
      declarative (~> 0.0.5)
      uber (~> 0.0.15)
    rest-client (1.6.9)
      mime-types (~> 1.16)
    rspec (3.5.0)
      rspec-core (~> 3.5.0)
      rspec-expectations (~> 3.5.0)
      rspec-mocks (~> 3.5.0)
    rspec-core (3.5.4)
      rspec-support (~> 3.5.0)
    rspec-expectations (3.5.0)
      diff-lcs (>= 1.2.0, < 2.0)
      rspec-support (~> 3.5.0)
    rspec-mocks (3.5.0)
      diff-lcs (>= 1.2.0, < 2.0)
      rspec-support (~> 3.5.0)
    rspec-rerun (1.1.0)
      rspec (~> 3.0)
    rspec-support (3.5.0)
    rubocop (0.45.0)
      parser (>= 2.3.1.1, < 3.0)
      powerpack (~> 0.1)
      rainbow (>= 1.99.1, < 3.0)
      ruby-progressbar (~> 1.7)
      unicode-display_width (~> 1.0, >= 1.0.1)
    rubocop-rspec (1.8.0)
      rubocop (>= 0.42.0)
    ruby-progressbar (1.8.1)
    safe_yaml (1.0.4)
    sawyer (0.7.0)
      addressable (>= 2.3.5, < 2.5)
      faraday (~> 0.8, < 0.10)
    semi_semantic (1.2.0)
    sequel (4.32.0)
    sinatra (1.4.7)
      rack (~> 1.5)
      rack-protection (~> 1.4)
      tilt (>= 1.3, < 3)
    sqlite3 (1.3.12)
    sshkey (1.7.0)
    terminal-table (1.4.5)
    thin (1.5.1)
      daemons (>= 1.0.9)
      eventmachine (>= 0.12.6)
      rack (>= 1.0.0)
    thread_safe (0.3.5)
    tilt (2.0.5)
    tracker_api (1.4.1)
      addressable
      equalizer
      excon
      faraday (~> 0.9.0)
      faraday_middleware
      multi_json
      representable
      virtus
    uber (0.0.15)
    unicode-display_width (1.1.1)
    version_sorter (2.1.0)
    virtus (1.0.5)
      axiom-types (~> 0.1)
      coercible (~> 1.0)
      descendants_tracker (~> 0.0, >= 0.0.3)
      equalizer (~> 0.0, >= 0.0.9)
    webmock (2.1.0)
      addressable (>= 2.3.6)
      crack (>= 0.3.2)
      hashdiff
    yajl-ruby (1.2.1)

PLATFORMS
  ruby

DEPENDENCIES
  bosh_cli
  bosh_cli_plugin_micro
  bump (= 0.5.3)
  git
  nokogiri
  octokit
  rake
  rspec
  rspec-rerun
  rubocop
  rubocop-rspec
  tracker_api
  version_sorter
  webmock

RUBY VERSION
   ruby 2.3.1p112

BUNDLED WITH
   1.13.6
